GEM
  remote: http://rubygems.org/
  specs:
    active_support (3.0.0)
      activesupport (= 3.0.0)
    activesupport (3.0.0)
    addressable (2.2.8)
    builder (3.0.0)
    excon (0.13.4)
    fog (1.3.1)
      builder
      excon (~> 0.13.0)
      formatador (~> 0.2.0)
      mime-types
      multi_json (~> 1.0)
      net-scp (~> 1.0.4)
      net-ssh (>= 2.1.3)
      nokogiri (~> 1.5.0)
      ruby-hmac
    formatador (0.2.3)
    heroku (2.26.3)
      heroku-api (~> 0.2.1)
      launchy (>= 0.3.2)
      netrc (~> 0.7.2)
      rest-client (~> 1.6.1)
      rubyzip
    heroku-api (0.2.1)
      excon (~> 0.13.3)
    i18n (0.6.0)
    launchy (2.1.0)
      addressable (~> 2.2.6)
    mime-types (1.18)
    multi_json (1.3.6)
    net-scp (1.0.4)
      net-ssh (>= 1.99.1)
    net-ssh (2.5.2)
    netrc (0.7.2)
    nokogiri (1.5.2)
    rake (0.9.2.2)
    rest-client (1.6.7)
      mime-types (>= 1.16)
    ruby-hmac (0.4.0)
    rubyzip (0.9.8)

PLATFORMS
  ruby

DEPENDENCIES
  active_support
  fog
  heroku (>= 2.26.3)
  i18n
  rake
